GEM
  remote: https://rubygems.org/
  specs:
    httpclient (2.8.0)
    logger-application (0.0.2)
    puma (3.4.0)
    rack (1.6.4)
    rack-protection (1.5.3)
      rack
    sinatra (1.4.7)
      rack (~> 1.5)
      rack-protection (~> 1.4)
      tilt (>= 1.3, < 3)
    soap4r-ng (2.0.3)
      httpclient (~> 2.6)
      logger-application (~> 0.0.2)
    tilt (2.0.5)

PLATFORMS
  ruby

DEPENDENCIES
  puma
  sinatra
  soap4r-ng

BUNDLED WITH
   1.11.2
