GEM
  remote: https://rubygems.org/
  specs:
    httpclient (2.8.0)
    mini_portile2 (2.0.0)
    nokogiri (1.6.7.2)
      mini_portile2 (~> 2.0.0.rc2)
    puma (3.4.0)
    rack (1.6.4)
    rack-protection (1.5.3)
      rack
    sinatra (1.4.7)
      rack (~> 1.5)
      rack-protection (~> 1.4)
      tilt (>= 1.3, < 3)
    soap4r (1.5.8)
      httpclient (>= 2.1.1)
    tilt (2.0.5)

PLATFORMS
  ruby

DEPENDENCIES
  nokogiri
  puma
  sinatra
  soap4r

BUNDLED WITH
   1.11.2
